{
    "Manufacturer":"Siemens",
    "ManufacturersModelName":"TrioTim",
    "AcquisitionNumber":1,
    "InstitutionName":"Brigham_Young_University",
    "InstitutionAddress":"University_Pkwy_1700_North_685_Provo_UT_US_84601",
    "DeviceSerialNumber":"35002",
    "SoftwareVersions":"syngo_MR_B17",
    "ProcedureStepDescription":"Research_KIRWAN",
    "ScanningSequence":"EP",
    "SequenceVariant":"SK",
    "SeriesDescription":"EPI_Run2",
    "ProtocolName":"EPI_Run2",
    "SequenceName":"epfid2d1_64",
    "ImageType":[
        "ORIGINAL",
        "PRIMARY",
        "M",
        "ND",
        "MOSAIC"
    ],
    "AcquisitionTime":"10:43:36.310000",
    "MagneticFieldStrength":3,
    "FlipAngle":90,
    "EchoTime":0.028,
    "RepetitionTime":2.5,
    "PhaseEncodingLines":64,
    "BandwidthPerPixelPhaseEncode":31.888,
    "EffectiveEchoSpacing":0.000489996,
    "TotalReadoutTime":0.0308698,
    "SliceTiming":[
        0,
        1.285,
        0.0575,
        1.3425,
        0.1175,
        1.4,
        0.175,
        1.46,
        0.235,
        1.5175,
        0.2925,
        1.575,
        0.35,
        1.635,
        0.41,
        1.6925,
        0.4675,
        1.7525,
        0.525,
        1.81,
        0.585,
        1.8675,
        0.6425,
        1.9275,
        0.7,
        1.985,
        0.76,
        2.0425,
        0.8175,
        2.1025,
        0.875,
        2.16,
        0.935,
        2.2175,
        0.9925,
        2.2775,
        1.05,
        2.335,
        1.11,
        2.3925,
        1.1675,
        2.4525,
        1.225
    ],
    "PhaseEncodingDirection":"j-",
    "ConversionSoftware":"dcm2niix",
    "ConversionSoftwareVersion":"v1.0.20170724 (OpenJPEG build) GCC6.1.0",
    "TaskName":"knowfilt"
}