{
    "Manufacturer":"Siemens",
    "ManufacturersModelName":"TrioTim",
    "AcquisitionNumber":1,
    "InstitutionName":"Brigham_Young_University",
    "InstitutionAddress":"University_Pkwy_1700_North_685_Provo_UT_US_84601",
    "DeviceSerialNumber":"35002",
    "SoftwareVersions":"syngo_MR_B17",
    "ProcedureStepDescription":"Research_KIRWAN",
    "ScanningSequence":"GR_IR",
    "SequenceVariant":"SP_MP_OSP",
    "SeriesDescription":"t1_mpr_sag_iso_mprage",
    "ProtocolName":"t1_mpr_sag_iso_mprage",
    "SequenceName":"_tfl3d1_ns",
    "ImageType":[
        "ORIGINAL",
        "PRIMARY",
        "M",
        "ND",
        "NORM"
    ],
    "AcquisitionTime":"13:27:15.035000",
    "MagneticFieldStrength":3,
    "FlipAngle":9,
    "EchoTime":0.00226,
    "RepetitionTime":1.9,
    "InversionTime":0.9,
    "PhaseEncodingLines":215,
    "PhaseEncodingDirection":"i-",
    "ConversionSoftware":"dcm2niix",
    "ConversionSoftwareVersion":"v1.0.20170724 (OpenJPEG build) GCC6.1.0"
}