{
    "Manufacturer":"Siemens",
    "ManufacturersModelName":"TrioTim",
    "AcquisitionNumber":1,
    "InstitutionName":"Brigham_Young_University",
    "InstitutionAddress":"University_Pkwy_1700_North_685_Provo_UT_US_84601",
    "DeviceSerialNumber":"35002",
    "SoftwareVersions":"syngo_MR_B17",
    "ProcedureStepDescription":"Research_KIRWAN",
    "ScanningSequence":"EP",
    "SequenceVariant":"SK",
    "SeriesDescription":"EPI_Run2",
    "ProtocolName":"EPI_Run2",
    "SequenceName":"epfid2d1_64",
    "ImageType":[
        "ORIGINAL",
        "PRIMARY",
        "M",
        "ND",
        "MOSAIC"
    ],
    "AcquisitionTime":"16:34:15.812500",
    "MagneticFieldStrength":3,
    "FlipAngle":90,
    "EchoTime":0.028,
    "RepetitionTime":2.5,
    "PhaseEncodingLines":64,
    "BandwidthPerPixelPhaseEncode":31.888,
    "EffectiveEchoSpacing":0.000489996,
    "TotalReadoutTime":0.0308698,
    "SliceTiming":[
        0,
        1.2825,
        0.0575,
        1.3425,
        0.115,
        1.4,
        0.175,
        1.4575,
        0.2325,
        1.5175,
        0.29,
        1.575,
        0.35,
        1.6325,
        0.4075,
        1.6925,
        0.465,
        1.75,
        0.525,
        1.8075,
        0.5825,
        1.8675,
        0.64,
        1.925,
        0.7,
        1.9825,
        0.7575,
        2.0425,
        0.815,
        2.1,
        0.875,
        2.1575,
        0.9325,
        2.2175,
        0.9925,
        2.275,
        1.05,
        2.3325,
        1.1075,
        2.3925,
        1.1675,
        2.45,
        1.225
    ],
    "PhaseEncodingDirection":"j-",
    "ConversionSoftware":"dcm2niix",
    "ConversionSoftwareVersion":"v1.0.20170724 (OpenJPEG build) GCC6.1.0",
    "TaskName":"knowfilt"
}