{
	"Modality": "MR",
	"MagneticFieldStrength": 3,
	"Manufacturer": "Siemens",
	"ManufacturersModelName": "TrioTim",
	"InstitutionName": "Brigham_Young_University",
	"InstitutionalDepartmentName": "MRI",
	"InstitutionAddress": "University_Pkwy_1700_North_685_Provo_UT_US_84601",
	"DeviceSerialNumber": "35002",
	"StationName": "MININT-E41B04",
	"PatientPosition": "HFS",
	"ProcedureStepDescription": "Research_KIRWAN",
	"SoftwareVersions": "syngo_MR_B17",
	"MRAcquisitionType": "2D",
	"SeriesDescription": "EPI_Run2",
	"ProtocolName": "EPI_Run2",
	"ScanningSequence": "EP",
	"SequenceVariant": "SK",
	"ScanOptions": "FS",
	"SequenceName": "epfid2d1_64",
	"ImageType": ["ORIGINAL", "PRIMARY", "M", "ND", "MOSAIC"],
	"SeriesNumber": 4,
	"AcquisitionTime": "12:58:51.547500",
	"AcquisitionNumber": 1,
	"SliceThickness": 3,
	"SpacingBetweenSlices": 3,
	"SAR": 0.175691,
	"EchoTime": 0.028,
	"RepetitionTime": 2.5,
	"FlipAngle": 90,
	"PartialFourier": 1,
	"BaseResolution": 64,
	"ShimSetting": [
		-2817,
		-22881,
		2301,
		553,
		-64,
		438,
		-424,
		258	],
	"TxRefAmp": 325.565,
	"PhaseResolution": 1,
	"ReceiveCoilName": "HeadMatrix",
	"PulseSequenceDetails": "%CustomerSeq%_ep2d_bold_PMU",
	"PercentPhaseFOV": 100,
	"PhaseEncodingSteps": 64,
	"AcquisitionMatrixPE": 64,
	"ReconMatrixPE": 64,
	"BandwidthPerPixelPhaseEncode": 31.888,
	"EffectiveEchoSpacing": 0.000489996,
	"DerivedVendorReportedEchoSpacing": 0.000489996,
	"TotalReadoutTime": 0.0308698,
	"PixelBandwidth": 2894,
	"DwellTime": 2.7e-06,
	"PhaseEncodingDirection": "j-",
	"SliceTiming": [
		0,
		1.285,
		0.0575,
		1.3425,
		0.1175,
		1.4,
		0.175,
		1.46,
		0.2325,
		1.5175,
		0.2925,
		1.575,
		0.35,
		1.635,
		0.4075,
		1.6925,
		0.4675,
		1.75,
		0.525,
		1.81,
		0.585,
		1.8675,
		0.6425,
		1.925,
		0.7,
		1.985,
		0.76,
		2.0425,
		0.8175,
		2.1,
		0.875,
		2.16,
		0.935,
		2.2175,
		0.9925,
		2.2775,
		1.05,
		2.335,
		1.11,
		2.3925,
		1.1675,
		2.4525,
		1.225	],
	"ImageOrientationPatientDICOM": [
		1,
		-1e-16,
		0,
		1e-16,
		0.994338,
		-0.106264	],
	"InPlanePhaseEncodingDirectionDICOM": "COL",
	"ConversionSoftware": "dcm2niix",
	"ConversionSoftwareVersion": "v1.0.20180404 Clang8.0.0",
	"TaskName": "knowfilt"
}
